RESTRICTION: == net45
NUGET
  remote: https://www.nuget.org/api/v2
    Argu (3.7)
    Expecto (5.0)
      Argu (>= 3.7)
      FSharp.Core (>= 4.1.12)
      Mono.Cecil (>= 0.10.0-beta5)
    ExtCore (0.8.46)
    FAKE (4.62.5)
    FSharp.Compiler.Tools (4.1.23)
    FSharp.Core (4.2.1)
    Microsoft.CodeAnalysis.ActivePatterns (0.5.1)
      FSharp.Core (>= 4.0.0.1)
      Microsoft.CodeAnalysis.CSharp (>= 1.3.2)
      Microsoft.CodeAnalysis.VisualBasic (>= 1.3.2)
    Microsoft.CodeAnalysis.Common (2.3.1)
    Microsoft.CodeAnalysis.CSharp (2.3.1)
      Microsoft.CodeAnalysis.Common (2.3.1)
    Microsoft.CodeAnalysis.VisualBasic (2.3.1)
      Microsoft.CodeAnalysis.Common (>= 2.3.1)
    Microsoft.Net.Compilers (2.3.1)
    Mono.Cecil (0.10.0-beta6)
